GEM
  remote: https://rubygems.org/
  specs:

PLATFORMS
  aarch64-linux
  arm-linux
  arm64-darwin
  x64-mingw-ucrt
  x64-mingw32
  x86-linux
  x86_64-darwin
  x86_64-linux

DEPENDENCIES

BUNDLED WITH
   2.5.23
